GIT
  remote: https://github.com/recitalsoftware/ruby
  revision: 842e6aca3263438923c786629888b5cdcac12f02
  glob: rubocop-airbnb/rubocop-airbnb.gemspec
  specs:
    rubocop-airbnb (4.0.0)
      rubocop (< 2.0)
      rubocop-performance (< 3.0)
      rubocop-rails (< 3.0)
      rubocop-rspec (< 3.0)

GEM
  remote: https://rubygems.org/
  specs:
    activemodel (7.0.4)
      activesupport (= 7.0.4)
    activerecord (7.0.4)
      activemodel (= 7.0.4)
      activesupport (= 7.0.4)
    activesupport (7.0.4)
      concurrent-ruby (~> 1.0, >= 1.0.2)
      i18n (>= 1.6, < 2)
      minitest (>= 5.1)
      tzinfo (~> 2.0)
    ast (2.4.2)
    concurrent-ruby (1.1.10)
    database_cleaner-active_record (2.0.1)
      activerecord (>= 5.a)
      database_cleaner-core (~> 2.0.0)
    database_cleaner-core (2.0.1)
    diff-lcs (1.5.0)
    docile (1.4.0)
    factory_bot (6.2.1)
      activesupport (>= 5.0.0)
    i18n (1.12.0)
      concurrent-ruby (~> 1.0)
    json (2.6.3)
    minitest (5.17.0)
    netrc (0.11.0)
    parallel (1.22.1)
    parser (3.2.0.0)
      ast (~> 2.4.1)
    rack (3.0.3)
    rainbow (3.1.1)
    rbi (0.0.16)
      ast
      parser (>= 2.6.4.0)
      sorbet-runtime (>= 0.5.9204)
      unparser
    regexp_parser (2.6.1)
    rexml (3.2.5)
    rspec (3.12.0)
      rspec-core (~> 3.12.0)
      rspec-expectations (~> 3.12.0)
      rspec-mocks (~> 3.12.0)
    rspec-core (3.12.0)
      rspec-support (~> 3.12.0)
    rspec-expectations (3.12.2)
      diff-lcs (>= 1.2.0, < 2.0)
      rspec-support (~> 3.12.0)
    rspec-mocks (3.12.2)
      diff-lcs (>= 1.2.0, < 2.0)
      rspec-support (~> 3.12.0)
    rspec-support (3.12.0)
    rubocop (1.43.0)
      json (~> 2.3)
      parallel (~> 1.10)
      parser (>= 3.2.0.0)
      rainbow (>= 2.2.2, < 4.0)
      regexp_parser (>= 1.8, < 3.0)
      rexml (>= 3.2.5, < 4.0)
      rubocop-ast (>= 1.24.1, < 2.0)
      ruby-progressbar (~> 1.7)
      unicode-display_width (>= 2.4.0, < 3.0)
    rubocop-ast (1.24.1)
      parser (>= 3.1.1.0)
    rubocop-performance (1.15.2)
      rubocop (>= 1.7.0, < 2.0)
      rubocop-ast (>= 0.4.0)
    rubocop-rails (2.17.4)
      activesupport (>= 4.2.0)
      rack (>= 1.1)
      rubocop (>= 1.33.0, < 2.0)
    rubocop-rspec (2.16.0)
      rubocop (~> 1.33)
    rubocop-sorbet (0.6.11)
      rubocop (>= 0.90.0)
    ruby-progressbar (1.11.0)
    simplecov (0.22.0)
      docile (~> 1.1)
      simplecov-html (~> 0.11)
      simplecov_json_formatter (~> 0.1)
    simplecov-html (0.12.3)
    simplecov_json_formatter (0.1.4)
    sorbet (0.5.10621)
      sorbet-static (= 0.5.10621)
    sorbet-runtime (0.5.10621)
    sorbet-static (0.5.10621-universal-darwin-19)
    sorbet-static (0.5.10621-universal-darwin-21)
    sorbet-static (0.5.10621-universal-darwin-22)
    sorbet-static-and-runtime (0.5.10621)
      sorbet (= 0.5.10621)
      sorbet-runtime (= 0.5.10621)
    spoom (1.1.15)
      sorbet (>= 0.5.10187)
      sorbet-runtime (>= 0.5.9204)
      thor (>= 0.19.2)
    sqlite3 (1.5.4-arm64-darwin)
    sqlite3 (1.5.4-x86_64-darwin)
    tapioca (0.10.5)
      bundler (>= 1.17.3)
      netrc (>= 0.11.0)
      parallel (>= 1.21.0)
      rbi (~> 0.0.0, >= 0.0.16)
      sorbet-static-and-runtime (>= 0.5.10187)
      spoom (~> 1.1.0, >= 1.1.11)
      thor (>= 1.2.0)
      yard-sorbet
    thor (1.2.1)
    tzinfo (2.0.5)
      concurrent-ruby (~> 1.0)
    unicode-display_width (2.4.2)
    unparser (0.6.7)
      diff-lcs (~> 1.3)
      parser (>= 3.2.0)
    webrick (1.7.0)
    yard (0.9.28)
      webrick (~> 1.7.0)
    yard-sorbet (0.7.0)
      sorbet-runtime (>= 0.5)
      yard (>= 0.9)

PLATFORMS
  arm64-darwin-21
  arm64-darwin-22
  x86_64-darwin-19

DEPENDENCIES
  activerecord
  activesupport
  database_cleaner-active_record
  factory_bot
  rspec
  rubocop
  rubocop-airbnb!
  rubocop-rspec
  rubocop-sorbet
  simplecov
  sorbet
  sorbet-runtime
  sqlite3
  tapioca

BUNDLED WITH
   2.2.11
